GEM
  remote: https://rubygems.org/
  specs:
    minitest (5.25.5)
    minitest-power_assert (0.3.1)
      minitest
      power_assert (>= 1.1)
    power_assert (2.0.5)

PLATFORMS
  ruby
  x86_64-linux

DEPENDENCIES
  minitest
  minitest-power_assert

BUNDLED WITH
   2.6.9
